GIT
  remote: https://git.mips.be:8443/r/HIS/Silvio_core.git
  revision: 2e1935b7354e6901bf9e5a2738faa7c9ba1817b8
  specs:
    silvio_core (1.3.0.dev)
      hooks (~> 0.4.0)
      lock_jar (~> 0.15.0)
      rspec (~> 3.5.0)
      rspec-collection_matchers (~> 1.1.2)
      timeliness (~> 0.3.7)

GIT
  remote: https://git.mips.be:8443/r/HIS/Silvio_gen.git
  revision: b6e0d0bea7209bfc3184d5d9c1ea3ba45e6781db
  specs:
    silvio_gen (1.1.0.dev)
      data_mapper (~> 1.2.0)
      dm-openedge-adapter (~> 1.2.0)
      dm-oracle-adapter (~> 1.2.0)
      jdbc-openedge (~> 11.1.0)
      silvio_core (~> 1.3.0.dev)

GIT
  remote: https://git.mips.be:8443/r/HIS/Silvio_glims.git
  revision: 2ab4b264620eaec75096e8a879ada1aab2419f90
  specs:
    silvio_glims (1.0.0.dev)
      data_mapper (~> 1.2.0)
      dm-openedge-adapter (~> 1.2.0)
      dm-oracle-adapter (~> 1.2.0)
      factory_girl (= 4.2.0)
      jdbc-openedge (~> 11.1.0)
      silvio_core (~> 1.3.0.dev)
      silvio_gen (~> 1.1.0.dev)

GIT
  remote: https://git.mips.be:8443/r/HIS/Silvio_hl7_factory.git
  revision: a88e58e20bd6fde052d715047fa733da166ed8af
  specs:
    silvio_hl7_factory (0.1.0)
      factory_girl (~> 4.2)
      faker (~> 1.8.7, >= 1.8.7)

GEM
  remote: http://be1-dev-cicou01:9292/
  specs:
    activesupport (5.2.3)
      concurrent-ruby (~> 1.0, >= 1.0.2)
      i18n (>= 0.7, < 2)
      minitest (~> 5.1)
      tzinfo (~> 1.1)
    addressable (2.8.1)
      public_suffix (>= 2.0.2, < 6.0)
    backports (3.23.0)
    bcrypt (3.1.18-java)
    bcrypt-ruby (3.1.5-java)
      bcrypt (>= 3.1.3)
    builder (3.2.4)
    concurrent-ruby (1.1.10)
    cucumber (3.2.0)
      builder (>= 2.1.2)
      cucumber-core (~> 3.2.0)
      cucumber-expressions (~> 6.0.1)
      cucumber-wire (~> 0.0.1)
      diff-lcs (~> 1.3)
      gherkin (~> 5.1.0)
      multi_json (>= 1.7.5, < 2.0)
      multi_test (>= 0.1.2)
    cucumber-core (3.2.1)
      backports (>= 3.8.0)
      cucumber-tag_expressions (~> 1.1.0)
      gherkin (~> 5.0)
    cucumber-expressions (6.0.1)
    cucumber-tag_expressions (1.1.1)
    cucumber-wire (0.0.1)
    data_mapper (1.2.0)
      dm-aggregates (~> 1.2.0)
      dm-constraints (~> 1.2.0)
      dm-core (~> 1.2.0)
      dm-migrations (~> 1.2.0)
      dm-serializer (~> 1.2.0)
      dm-timestamps (~> 1.2.0)
      dm-transactions (~> 1.2.0)
      dm-types (~> 1.2.0)
      dm-validations (~> 1.2.0)
    data_objects (0.10.18)
      addressable (~> 2.1)
    diff-lcs (1.5.0)
    dm-aggregates (1.2.0)
      dm-core (~> 1.2.0)
    dm-constraints (1.2.0)
      dm-core (~> 1.2.0)
    dm-core (1.2.1)
      addressable (~> 2.3)
    dm-do-adapter (1.2.0)
      data_objects (~> 0.10.6)
      dm-core (~> 1.2.0)
    dm-migrations (1.2.0)
      dm-core (~> 1.2.0)
    dm-openedge-adapter (1.2.1)
      dm-do-adapter (~> 1.2.0)
      do_openedge (~> 0.10.9)
    dm-oracle-adapter (1.2.1)
      dm-do-adapter (~> 1.2.0)
      do_oracle (~> 0.10.18)
    dm-serializer (1.2.2)
      dm-core (~> 1.2.0)
      fastercsv (~> 1.5)
      json (~> 1.6)
      json_pure (~> 1.6)
      multi_json (~> 1.0)
    dm-timestamps (1.2.0)
      dm-core (~> 1.2.0)
    dm-transactions (1.2.0)
      dm-core (~> 1.2.0)
    dm-types (1.2.2)
      bcrypt-ruby (~> 3.0)
      dm-core (~> 1.2.0)
      fastercsv (~> 1.5)
      json (~> 1.6)
      multi_json (~> 1.0)
      stringex (~> 1.4)
      uuidtools (~> 2.1)
    dm-validations (1.2.0)
      dm-core (~> 1.2.0)
    do_jdbc (0.10.18-java)
      data_objects (= 0.10.18)
    do_openedge (0.10.18-java)
      data_objects (= 0.10.18)
      do_jdbc (~> 0.10.18)
      jdbc-openedge (~> 11.1)
    do_oracle (0.10.18-java)
      data_objects (= 0.10.18)
      do_jdbc (~> 0.10.18)
    factory_girl (4.2.0)
      activesupport (>= 3.0.0)
    factory_randomizer (0.1.0)
    faker (1.8.7)
      i18n (>= 0.7)
    fastercsv (1.5.5)
    gherkin (5.1.0)
    hooks (0.4.1)
      uber (~> 0.0.14)
    httpclient (2.8.3)
    i18n (1.12.0)
      concurrent-ruby (~> 1.0)
    jdbc-openedge (11.1-java)
      jdbc-openedge-internal (~> 11.1.0.0)
    jdbc-openedge-internal (11.1.0.0-java)
    json (1.8.6-java)
    json_pure (1.8.6)
    lock_jar (0.15.2)
      naether (~> 0.15.0)
      thor (>= 0.18.1)
    minitest (5.10.3)
    multi_json (1.15.0)
    multi_test (1.1.0)
    naether (0.15.8-java)
      httpclient
      rake (>= 12.3.3)
    public_suffix (3.1.1)
    rake (13.0.6)
    rspec (3.5.0)
      rspec-core (~> 3.5.0)
      rspec-expectations (~> 3.5.0)
      rspec-mocks (~> 3.5.0)
    rspec-collection_matchers (1.1.3)
      rspec-expectations (>= 2.99.0.beta1)
    rspec-core (3.5.4)
      rspec-support (~> 3.5.0)
    rspec-expectations (3.5.0)
      diff-lcs (>= 1.2.0, < 2.0)
      rspec-support (~> 3.5.0)
    rspec-mocks (3.5.0)
      diff-lcs (>= 1.2.0, < 2.0)
      rspec-support (~> 3.5.0)
    rspec-support (3.5.0)
    stringex (1.5.1)
    thor (1.2.1)
    thread_safe (0.3.6-java)
    timeliness (0.3.10)
    tzinfo (1.2.10)
      thread_safe (~> 0.1)
    uber (0.0.15)
    uuidtools (2.2.0)

PLATFORMS
  java

DEPENDENCIES
  activesupport (= 5.2.3)
  cucumber (= 3.2.0)
  factory_girl (~> 4.2.0)
  factory_randomizer (~> 0.1.0)
  faker (~> 1.8.0)
  minitest (= 5.10.3)
  public_suffix (~> 3.1, >= 3.1.1)
  rspec (~> 3.5.0)
  silvio_core!
  silvio_gen!
  silvio_glims!
  silvio_hl7_factory!

BUNDLED WITH
   1.17.3
